GEM
  remote: https://rubygems.org/
  specs:
    builder (3.2.3)
    diff-lcs (1.3)
    fastercsv (1.5.5)
    hoe (3.16.2)
      rake (>= 0.8, < 13.0)
    jruby-openssl (0.9.21-java)
    monkeybars (1.1.2)
      rawr (>= 1.4.4)
      swingset (>= 0.3.0)
    pdf-core (0.7.0)
    prawn (2.2.2)
      pdf-core (~> 0.7.0)
      ttfunk (~> 1.5)
    rake (12.3.0)
    rawr (1.6.4)
      rubyzip
      user-choices
    rspec (3.7.0)
      rspec-core (~> 3.7.0)
      rspec-expectations (~> 3.7.0)
      rspec-mocks (~> 3.7.0)
    rspec-core (3.7.1)
      rspec-support (~> 3.7.0)
    rspec-expectations (3.7.0)
      diff-lcs (>= 1.2.0, < 2.0)
      rspec-support (~> 3.7.0)
    rspec-mocks (3.7.0)
      diff-lcs (>= 1.2.0, < 2.0)
      rspec-support (~> 3.7.0)
    rspec-support (3.7.1)
    rubyzip (1.1.6)
    s4t-utils (1.0.4)
      hoe (>= 1.3.0)
    swingset (0.4.2)
    ttfunk (1.5.1)
    user-choices (1.1.6.1)
      builder (>= 2.1.2)
      s4t-utils (>= 1.0.3)
      xml-simple (>= 1.0.11)
    xml-simple (1.1.4)

PLATFORMS
  java

DEPENDENCIES
  fastercsv
  jruby-openssl
  monkeybars
  prawn
  rawr
  rspec

BUNDLED WITH
   1.16.1
