GEM
  remote: https://rubygems.org/
  remote: http://gems.neurogami.com/
  specs:
    builder (3.2.2)
    fastercsv (1.5.5)
    hoe (3.13.0)
      rake (>= 0.8, < 11.0)
    jruby-openssl (0.9.5-java)
    monkeybars (1.1.2)
      rawr (>= 1.4.4)
      swingset (>= 0.3.0)
    pdf-core (0.4.0)
    prawn (1.3.0)
      pdf-core (~> 0.4.0)
      ttfunk (~> 1.4.0)
    rake (10.3.2)
    rawr (1.6.4)
      rubyzip
      user-choices
    rspec (1.3.0)
    rubyzip (1.1.6)
    s4t-utils (1.0.4)
      hoe (>= 1.3.0)
    swingset (0.4.2)
    ttfunk (1.4.0)
    user-choices (1.1.6.1)
      builder (>= 2.1.2)
      s4t-utils (>= 1.0.3)
      xml-simple (>= 1.0.11)
    xml-simple (1.1.4)

PLATFORMS
  java

DEPENDENCIES
  fastercsv
  jruby-openssl
  monkeybars
  prawn
  rawr (= 1.6.4)
  rspec (= 1.3)
